GEM
  remote: https://rubygems.org/
  specs:
    dotenv (2.8.1)
    httparty (0.21.0)
      mini_mime (>= 1.0.0)
      multi_xml (>= 0.5.2)
    mini_mime (1.1.2)
    multi_xml (0.6.0)
    ruby-openai (3.5.0)
      httparty (>= 0.18.1)
    word_wrap (1.0.0)

PLATFORMS
  x86_64-linux

DEPENDENCIES
  dotenv
  ruby-openai
  word_wrap

BUNDLED WITH
   2.4.6
